GEM
  remote: https://rubygems.org/
  specs:
    dish (0.0.6)

PLATFORMS
  ruby

DEPENDENCIES
  dish

BUNDLED WITH
   1.12.3
